GIT
  remote: https://github.com//mikel/mail.git
  revision: 651a59a231f34b5dc148decb80b45c6581fa71a8
  ref: refs/pull/1439/head
  specs:
    mail (2.8.0.edge)
      mini_mime (>= 0.1.1)
      net-imap
      net-pop
      net-smtp

GIT
  remote: https://github.com/EugZol/where_exists.git
  revision: 3eb5e42df80ed2027587d7262e9a08ffddb8bd2f
  specs:
    where_exists (2.0.4)
      activerecord (>= 5.2, < 8)

GIT
  remote: https://github.com/culov/ahoy_email.git
  revision: 936b3496fac5f9005fd7d04050cd334ebd65a49a
  ref: 936b349
  specs:
    ahoy_email (1.0.3)
      actionmailer (>= 4.2)
      addressable (>= 2.3.2)
      nokogiri
      safely_block (>= 0.1.1)

GIT
  remote: https://github.com/culov/mailkick.git
  revision: b1b8762bb54c4ebf8895f889f34ea64313d31a38
  ref: b1b8762
  branch: my-custom-branch
  specs:
    mailkick (0.4.3)
      activesupport (>= 5)

GIT
  remote: https://github.com/culov/origami.git
  revision: 2ee7c4bbea0953ddfa64ebd6ee6e0f4c8edd6424
  specs:
    origami (2.1.0)
      colorize (~> 0.8)

GIT
  remote: https://github.com/culov/rgeo.git
  revision: b9c9826f301aa01c4357df4916a7f36d983ebebf
  specs:
    rgeo (2.1.1)

GIT
  remote: https://github.com/culov/rpush.git
  revision: afa4c349f4eb679da00a44c409e0ab74c4d55275
  ref: afa4c349f4eb679da00a44c409e0ab74c4d55275
  specs:
    rpush (7.0.1)
      activesupport (>= 5.2)
      jwt (>= 1.5.6)
      multi_json (~> 1.0)
      net-http-persistent
      net-http2 (~> 0.18, >= 0.18.3)
      railties
      rainbow
      thor (>= 0.18.1, < 2.0)
      web-push (~> 3.0)

GIT
  remote: https://github.com/culov/simple_token_authentication.git
  revision: 94fc25655b02b9314c9f30669135b600a4ab06f2
  specs:
    simple_token_authentication (1.18.1)
      actionmailer (>= 3.2.6, < 8)
      actionpack (>= 3.2.6, < 8)
      devise (>= 3.2, < 6)

GIT
  remote: https://github.com/culov/two_factor_authentication.git
  revision: 0626621e2dec0b290ba634105bfee30c68d54bfe
  specs:
    two_factor_authentication (2.2.0)
      devise
      encryptor
      rails (>= 3.1.1)
      randexp
      rotp (>= 4.0.0)

GIT
  remote: https://github.com/culov/zoom_rb.git
  revision: 21868b4ca8d59de0399685d705d4f86642a481eb
  specs:
    zoom_rb (1.1.8)
      httparty (>= 0.13)
      json (>= 1.8)
      jwt

GEM
  remote: https://rubygems.org/
  specs:
    actioncable (7.1.3)
      actionpack (= 7.1.3)
      activesupport (= 7.1.3)
      nio4r (~> 2.0)
      websocket-driver (>= 0.6.1)
      zeitwerk (~> 2.6)
    actionmailbox (7.1.3)
      actionpack (= 7.1.3)
      activejob (= 7.1.3)
      activerecord (= 7.1.3)
      activestorage (= 7.1.3)
      activesupport (= 7.1.3)
      mail (>= 2.7.1)
      net-imap
      net-pop
      net-smtp
    actionmailer (7.1.3)
      actionpack (= 7.1.3)
      actionview (= 7.1.3)
      activejob (= 7.1.3)
      activesupport (= 7.1.3)
      mail (~> 2.5, >= 2.5.4)
      net-imap
      net-pop
      net-smtp
      rails-dom-testing (~> 2.2)
    actionpack (7.1.3)
      actionview (= 7.1.3)
      activesupport (= 7.1.3)
      nokogiri (>= 1.8.5)
      racc
      rack (>= 2.2.4)
      rack-session (>= 1.0.1)
      rack-test (>= 0.6.3)
      rails-dom-testing (~> 2.2)
      rails-html-sanitizer (~> 1.6)
    actionpack-action_caching (1.2.2)
      actionpack (>= 4.0.0)
    actiontext (7.1.3)
      actionpack (= 7.1.3)
      activerecord (= 7.1.3)
      activestorage (= 7.1.3)
      activesupport (= 7.1.3)
      globalid (>= 0.6.0)
      nokogiri (>= 1.8.5)
    actionview (7.1.3)
      activesupport (= 7.1.3)
      builder (~> 3.1)
      erubi (~> 1.11)
      rails-dom-testing (~> 2.2)
      rails-html-sanitizer (~> 1.6)
    active_record_extended (3.2.1)
      activerecord (>= 5.2, < 7.2.0)
      pg (< 3.0)
    active_record_query_trace (1.8)
    activejob (7.1.3)
      activesupport (= 7.1.3)
      globalid (>= 0.3.6)
    activejob-uniqueness (0.3.1)
      activejob (>= 4.2, < 7.2)
      redlock (>= 2.0, < 3)
    activemodel (7.1.3)
      activesupport (= 7.1.3)
    activerecord (7.1.3)
      activemodel (= 7.1.3)
      activesupport (= 7.1.3)
      timeout (>= 0.4.0)
    activerecord-postgis-adapter (9.0.1)
      activerecord (~> 7.1.0)
      rgeo-activerecord (~> 7.0.0)
    activestorage (7.1.3)
      actionpack (= 7.1.3)
      activejob (= 7.1.3)
      activerecord (= 7.1.3)
      activesupport (= 7.1.3)
      marcel (~> 1.0)
    activesupport (7.1.3)
      base64
      bigdecimal
      concurrent-ruby (~> 1.0, >= 1.0.2)
      connection_pool (>= 2.2.5)
      drb
      i18n (>= 1.6, < 2)
      minitest (>= 5.1)
      mutex_m
      tzinfo (~> 2.0)
    acts_as_list (1.2.2)
      activerecord (>= 6.1)
      activesupport (>= 6.1)
    addressable (2.8.0)
      public_suffix (>= 2.0.2, < 5.0)
    ahoy_matey (3.3.0)
      activesupport (>= 5)
      device_detector
      geocoder (>= 1.4.5)
      safely_block (>= 0.2.1)
    airbrake (13.0.4)
      airbrake-ruby (~> 6.0)
    airbrake-ruby (6.2.2)
      rbtree3 (~> 0.6)
    ancestry (4.1.0)
      activerecord (>= 5.2.6)
    ast (2.4.2)
    autoprefixer-rails (9.1.0)
      execjs
    awesome_print (1.9.2)
    aws-eventstream (1.2.0)
    aws-partitions (1.543.0)
    aws-sdk-core (3.125.0)
      aws-eventstream (~> 1, >= 1.0.2)
      aws-partitions (~> 1, >= 1.525.0)
      aws-sigv4 (~> 1.1)
      jmespath (~> 1.0)
    aws-sdk-kms (1.53.0)
      aws-sdk-core (~> 3, >= 3.125.0)
      aws-sigv4 (~> 1.1)
    aws-sdk-s3 (1.110.0)
      aws-sdk-core (~> 3, >= 3.125.0)
      aws-sdk-kms (~> 1)
      aws-sigv4 (~> 1.4)
    aws-sdk-ses (1.45.0)
      aws-sdk-core (~> 3, >= 3.125.0)
      aws-sigv4 (~> 1.1)
    aws-sdk-sesv2 (1.25.0)
      aws-sdk-core (~> 3, >= 3.125.0)
      aws-sigv4 (~> 1.1)
    aws-sigv4 (1.4.0)
      aws-eventstream (~> 1, >= 1.0.2)
    backport (1.2.0)
    base64 (0.2.0)
    bcrypt (3.1.20)
    benchmark (0.3.0)
    better_errors (2.9.1)
      coderay (>= 1.0.0)
      erubi (>= 1.0.0)
      rack (>= 0.9.0)
    bigdecimal (3.1.5)
    bindex (0.8.1)
    binding_of_caller (1.0.0)
      debug_inspector (>= 0.0.1)
    bootsnap (1.10.1)
      msgpack (~> 1.2)
    bootstrap-sass (3.3.7)
      autoprefixer-rails (>= 5.2.1)
      sass (>= 3.3.4)
    browser (5.3.1)
    builder (3.2.4)
    byebug (11.1.3)
    capybara (2.18.0)
      addressable
      mini_mime (>= 0.1.3)
      nokogiri (>= 1.3.3)
      rack (>= 1.0.0)
      rack-test (>= 0.5.4)
      xpath (>= 2.0, < 4.0)
    capybara-selenium (0.0.6)
      capybara
      selenium-webdriver
    chartkick (4.0.3)
    childprocess (3.0.0)
    chroma (0.2.0)
    chronic (0.10.2)
    chronic_duration (0.10.6)
      numerizer (~> 0.1.1)
    chunky_png (1.4.0)
    clicksend_client (5.0.75)
      addressable (~> 2.3, >= 2.3.0)
      json (~> 2.1, >= 2.1.0)
      typhoeus (~> 1.0, >= 1.0.1)
    climate_control (0.2.0)
    cliver (0.3.2)
    cmdparse (3.0.7)
    coderay (1.1.3)
    coffee-rails (5.0.0)
      coffee-script (>= 2.2.0)
      railties (>= 5.2.0)
    coffee-script (2.4.1)
      coffee-script-source
      execjs
    coffee-script-source (1.12.2)
    colorize (0.8.1)
    combine_pdf (1.0.22)
      matrix
      ruby-rc4 (>= 0.1.5)
    concurrent-ruby (1.2.2)
    congress_forms (0.1.16)
      capybara-selenium (~> 0.0.6)
      nokogiri (>= 1.8.2)
      rest-client (~> 2.0)
      webdrivers (~> 3.9)
    connection_pool (2.4.1)
    countries (3.1.0)
      i18n_data (~> 0.11.0)
      sixarm_ruby_unaccent (~> 1.1)
      unicode_utils (~> 1.4)
    crass (1.0.6)
    data-confirm-modal (1.6.3)
      railties (>= 3.0)
    date (3.3.3)
    debug_inspector (1.1.0)
    declarative (0.0.20)
    device_detector (1.0.5)
    devise (4.9.3)
      bcrypt (~> 3.0)
      orm_adapter (~> 0.1)
      railties (>= 4.1.0)
      responders
      warden (~> 1.2.3)
    diff-lcs (1.5.0)
    domain_name (0.5.20190701)
      unf (>= 0.0.5, < 1.0.0)
    dotenv (2.7.6)
    dotenv-rails (2.7.6)
      dotenv (= 2.7.6)
      railties (>= 3.2)
    drb (2.2.0)
      ruby2_keywords
    e2mmap (0.1.0)
    elasticsearch (7.16.1)
      elasticsearch-api (= 7.16.1)
      elasticsearch-transport (= 7.16.1)
    elasticsearch-api (7.16.1)
      multi_json
    elasticsearch-transport (7.16.1)
      faraday (~> 1)
      multi_json
    encryptor (3.0.0)
    erubi (1.12.0)
    et-orbi (1.2.7)
      tzinfo
    ethon (0.14.0)
      ffi (>= 1.15.0)
    event_stream_parser (0.3.0)
    execjs (2.8.1)
    facebookbusiness (0.12.0.1)
      concurrent-ruby (~> 1.1)
      countries (~> 3.0)
      faraday (~> 1.0)
      json (~> 2.2)
      money (~> 6.13)
    faker (3.2.2)
      i18n (>= 1.8.11, < 2)
    faraday (1.10.3)
      faraday-em_http (~> 1.0)
      faraday-em_synchrony (~> 1.0)
      faraday-excon (~> 1.1)
      faraday-httpclient (~> 1.0)
      faraday-multipart (~> 1.0)
      faraday-net_http (~> 1.0)
      faraday-net_http_persistent (~> 1.0)
      faraday-patron (~> 1.0)
      faraday-rack (~> 1.0)
      faraday-retry (~> 1.0)
      ruby2_keywords (>= 0.0.4)
    faraday-em_http (1.0.0)
    faraday-em_synchrony (1.0.0)
    faraday-excon (1.1.0)
    faraday-httpclient (1.0.1)
    faraday-multipart (1.0.4)
      multipart-post (~> 2)
    faraday-net_http (1.0.1)
    faraday-net_http_persistent (1.2.0)
    faraday-patron (1.0.0)
    faraday-rack (1.0.0)
    faraday-retry (1.0.3)
    fast_interval_tree (0.2.2)
    ferrum (0.14)
      addressable (~> 2.5)
      concurrent-ruby (~> 1.1)
      webrick (~> 1.7)
      websocket-driver (>= 0.6, < 0.8)
    ffi (1.15.4)
    fugit (1.9.0)
      et-orbi (~> 1, >= 1.2.7)
      raabro (~> 1.4)
    geocoder (1.6.7)
    geom2d (0.4.1)
    globalid (1.2.1)
      activesupport (>= 6.1)
    google-api-client (0.49.0)
      addressable (~> 2.5, >= 2.5.1)
      googleauth (~> 0.9)
      httpclient (>= 2.8.1, < 3.0)
      mini_mime (~> 1.0)
      representable (~> 3.0)
      retriable (>= 2.0, < 4.0)
      rexml
      signet (~> 0.12)
    google-cloud-core (0.21.0)
    google-cloud-translate (0.22.0)
      google-cloud-core (~> 0.21.0)
    google-protobuf (3.25.2)
    googleapis-common-protos-types (1.0.1)
      google-protobuf (~> 3.0)
    googleauth (0.15.0)
      faraday (>= 0.17.3, < 2.0)
      jwt (>= 1.4, < 3.0)
      memoist (~> 0.16)
      multi_json (~> 1.11)
      os (>= 0.9, < 2.0)
      signet (~> 0.14)
    groupdate (6.0.1)
      activesupport (>= 5.2)
    haikunator (1.1.1)
    hashie (5.0.0)
    hexapdf (0.34.1)
      cmdparse (~> 3.0, >= 3.0.3)
      geom2d (~> 0.4, >= 0.4.1)
      openssl (>= 2.2.1)
    hiredis (0.6.3)
    hkdf (1.0.0)
    htmlentities (4.3.4)
    http-2 (0.11.0)
    http-accept (1.7.0)
    http-cookie (1.0.4)
      domain_name (~> 0.5)
    http_accept_language (2.1.1)
    httparty (0.21.0)
      mini_mime (>= 1.0.0)
      multi_xml (>= 0.5.2)
    httpclient (2.8.3)
    humanize (2.5.1)
    i18n (1.14.1)
      concurrent-ruby (~> 1.0)
    i18n_data (0.11.0)
    icalendar (2.7.1)
      ice_cube (~> 0.16)
    ice_cube (0.16.4)
    io-console (0.7.1)
    irb (1.11.1)
      rdoc
      reline (>= 0.4.2)
    irrc (0.2.2)
      net-telnet
    iso-639 (0.3.5)
    jaro_winkler (1.5.6)
    jbuilder (2.11.5)
      actionview (>= 5.0.0)
      activesupport (>= 5.0.0)
    jmespath (1.6.2)
    jsbundling-rails (1.2.1)
      railties (>= 6.0.0)
    json (2.6.3)
    json-schema (4.3.0)
      addressable (>= 2.8)
    jwt (2.3.0)
    kramdown (2.3.1)
      rexml
    kramdown-parser-gfm (1.1.0)
      kramdown (~> 2.0)
    kt-paperclip (7.0.1)
      activemodel (>= 4.2.0)
      activesupport (>= 4.2.0)
      marcel (~> 1.0.1)
      mime-types
      terrapin (~> 0.6.0)
    legitbot (1.9.4)
      fast_interval_tree (~> 0.2, >= 0.2.2)
      irrc (~> 0.2, >= 0.2.1)
    libv8-node (18.16.0.0)
    libv8-node (18.16.0.0-aarch64-linux)
    libv8-node (18.16.0.0-arm64-darwin)
    libv8-node (18.16.0.0-x86_64-darwin)
    libv8-node (18.16.0.0-x86_64-linux)
    liquid (5.1.0)
    listen (3.7.0)
      rb-fsevent (~> 0.10, >= 0.10.3)
      rb-inotify (~> 0.9, >= 0.9.10)
    local_time (2.1.0)
    loofah (2.22.0)
      crass (~> 1.0.2)
      nokogiri (>= 1.12.0)
    mailcheck (1.0.0)
    marcel (1.0.2)
    matrix (0.4.2)
    maxminddb (0.1.22)
    mechanize (2.10.1)
      addressable (~> 2.8)
      base64
      domain_name (~> 0.5, >= 0.5.20190701)
      http-cookie (~> 1.0, >= 1.0.3)
      mime-types (~> 3.0)
      net-http-digest_auth (~> 1.4, >= 1.4.1)
      net-http-persistent (>= 2.5.2, < 5.0.dev)
      nkf
      nokogiri (~> 1.11, >= 1.11.2)
      rubyntlm (~> 0.6, >= 0.6.3)
      webrick (~> 1.7)
      webrobots (~> 0.1.2)
    memoist (0.16.2)
    method_source (1.1.0)
    mime-types (3.4.1)
      mime-types-data (~> 3.2015)
    mime-types-data (3.2021.1115)
    mimemagic (0.3.8)
      nokogiri (~> 1)
    mini_magick (4.11.0)
    mini_mime (1.1.2)
    mini_portile2 (2.8.5)
    mini_racer (0.8.0)
      libv8-node (~> 18.16.0.0)
    minitest (5.21.1)
    mobility (1.2.9)
      i18n (>= 0.6.10, < 2)
      request_store (~> 1.0)
    mocha (1.13.0)
    moneta (1.6.0)
    monetize (1.11.0)
      money (~> 6.12)
    money (6.16.0)
      i18n (>= 0.6.4, <= 2)
    msgpack (1.7.2)
    multi_json (1.15.0)
    multi_xml (0.6.0)
    multipart-post (2.3.0)
    mustache (1.1.1)
    mutex_m (0.2.0)
    my_zipcode_gem (0.3.0)
      memoist (~> 0.16.0)
      rails (>= 3.0.0)
    nested-hstore (0.1.2)
      activerecord
      activesupport
    net-http-digest_auth (1.4.1)
    net-http-persistent (4.0.2)
      connection_pool (~> 2.2)
    net-http2 (0.18.5)
      http-2 (~> 0.11)
    net-imap (0.3.4)
      date
      net-protocol
    net-pop (0.1.2)
      net-protocol
    net-protocol (0.2.1)
      timeout
    net-smtp (0.3.3)
      net-protocol
    net-telnet (0.2.0)
    netrc (0.11.0)
    newrelic_rpm (9.6.0)
      base64
    nio4r (2.5.4)
    nkf (0.2.0)
    nokogiri (1.16.0.rc1)
      mini_portile2 (~> 2.8.2)
      racc (~> 1.4)
    nokogiri (1.16.0.rc1-aarch64-linux)
      racc (~> 1.4)
    nokogiri (1.16.0.rc1-arm64-darwin)
      racc (~> 1.4)
    nokogiri (1.16.0.rc1-x86_64-darwin)
      racc (~> 1.4)
    nokogiri (1.16.0.rc1-x86_64-linux)
      racc (~> 1.4)
    numerizer (0.1.1)
    oj (3.16.1)
    onebox (1.8.99)
      htmlentities (~> 4.3)
      moneta (~> 1.0)
      multi_json (~> 1.11)
      mustache
      nokogiri (~> 1.7)
      sanitize
    openssl (3.1.0)
    orm_adapter (0.5.0)
    os (1.1.4)
    paper_trail (15.1.0)
      activerecord (>= 6.1)
      request_store (~> 1.4)
    parallel (1.21.0)
    parser (3.0.3.2)
      ast (~> 2.4.1)
    pdf-core (0.9.0)
    pdf-forms (1.4.0)
      cliver (~> 0.3.2)
      safe_shell (>= 1.0.3, < 2.0)
    pg (1.5.4)
    pg_query (2.1.2)
      google-protobuf (>= 3.17.1)
    pghero (3.4.0)
      activerecord (>= 6)
    phonelib (0.8.5)
    pkg-config (1.4.6)
    prawn (2.4.0)
      pdf-core (~> 0.9.0)
      ttfunk (~> 1.7)
    profanity-filter (1.0)
      webpurify
    pry (0.14.2)
      coderay (~> 1.1)
      method_source (~> 1.0)
    pry-rails (0.3.11)
      pry (>= 0.13.0)
    psych (5.1.2)
      stringio
    public_suffix (4.0.6)
    puma (6.4.2)
      nio4r (~> 2.0)
    raabro (1.4.0)
    racc (1.7.3)
    rack (3.0.8)
    rack-attack (6.7.0)
      rack (>= 1.0, < 4)
    rack-session (2.0.0)
      rack (>= 3.0.0)
    rack-test (2.1.0)
      rack (>= 1.3)
    rackup (2.1.0)
      rack (>= 3)
      webrick (~> 1.8)
    rails (7.1.3)
      actioncable (= 7.1.3)
      actionmailbox (= 7.1.3)
      actionmailer (= 7.1.3)
      actionpack (= 7.1.3)
      actiontext (= 7.1.3)
      actionview (= 7.1.3)
      activejob (= 7.1.3)
      activemodel (= 7.1.3)
      activerecord (= 7.1.3)
      activestorage (= 7.1.3)
      activesupport (= 7.1.3)
      bundler (>= 1.15.0)
      railties (= 7.1.3)
    rails-dom-testing (2.2.0)
      activesupport (>= 5.0.0)
      minitest
      nokogiri (>= 1.6)
    rails-html-sanitizer (1.6.0)
      loofah (~> 2.21)
      nokogiri (~> 1.14)
    railties (7.1.3)
      actionpack (= 7.1.3)
      activesupport (= 7.1.3)
      irb
      rackup (>= 1.0.0)
      rake (>= 12.2)
      thor (~> 1.0, >= 1.2.2)
      zeitwerk (~> 2.6)
    rainbow (3.0.0)
    rake (13.1.0)
    randexp (0.1.7)
    rb-fsevent (0.11.0)
    rb-inotify (0.10.1)
      ffi (~> 1.0)
    rb-readline (0.5.5)
    rbtree3 (0.7.1)
    rdoc (6.6.2)
      psych (>= 4.0.0)
    recaptcha (5.12.3)
      json
    redis (4.5.1)
    redis-client (0.19.1)
      connection_pool
    redlock (2.0.6)
      redis-client (>= 0.14.1, < 1.0.0)
    regexp_parser (2.2.0)
    reline (0.4.2)
      io-console (~> 0.5)
    representable (3.1.1)
      declarative (< 0.1.0)
      trailblazer-option (>= 0.1.1, < 0.2.0)
      uber (< 0.2.0)
    request_store (1.5.0)
      rack (>= 1.4)
    responders (3.1.1)
      actionpack (>= 5.2)
      railties (>= 5.2)
    rest-client (2.1.0)
      http-accept (>= 1.7.0, < 2.0)
      http-cookie (>= 1.0.2, < 2.0)
      mime-types (>= 1.16, < 4.0)
      netrc (~> 0.8)
    retriable (3.1.2)
    reverse_markdown (2.1.1)
      nokogiri
    rexml (3.2.5)
    rgeo-activerecord (7.0.1)
      activerecord (>= 5.0)
      rgeo (>= 1.0.0)
    rgeo-geojson (2.1.1)
      rgeo (>= 1.0.0)
    rotp (6.2.0)
    rqrcode (2.2.0)
      chunky_png (~> 1.0)
      rqrcode_core (~> 1.0)
    rqrcode_core (1.2.0)
    rspec-core (3.13.0)
      rspec-support (~> 3.13.0)
    rspec-expectations (3.13.0)
      diff-lcs (>= 1.2.0, < 2.0)
      rspec-support (~> 3.13.0)
    rspec-mocks (3.13.0)
      diff-lcs (>= 1.2.0, < 2.0)
      rspec-support (~> 3.13.0)
    rspec-rails (6.1.2)
      actionpack (>= 6.1)
      activesupport (>= 6.1)
      railties (>= 6.1)
      rspec-core (~> 3.13)
      rspec-expectations (~> 3.13)
      rspec-mocks (~> 3.13)
      rspec-support (~> 3.13)
    rspec-support (3.13.1)
    rswag (2.13.0)
      rswag-api (= 2.13.0)
      rswag-specs (= 2.13.0)
      rswag-ui (= 2.13.0)
    rswag-api (2.13.0)
      activesupport (>= 3.1, < 7.2)
      railties (>= 3.1, < 7.2)
    rswag-specs (2.13.0)
      activesupport (>= 3.1, < 7.2)
      json-schema (>= 2.2, < 5.0)
      railties (>= 3.1, < 7.2)
      rspec-core (>= 2.14)
    rswag-ui (2.13.0)
      actionpack (>= 3.1, < 7.2)
      railties (>= 3.1, < 7.2)
    rubocop (1.24.0)
      parallel (~> 1.10)
      parser (>= 3.0.0.0)
      rainbow (>= 2.2.2, < 4.0)
      regexp_parser (>= 1.8, < 3.0)
      rexml
      rubocop-ast (>= 1.15.0, < 2.0)
      ruby-progressbar (~> 1.7)
      unicode-display_width (>= 1.4.0, < 3.0)
    rubocop-ast (1.15.1)
      parser (>= 3.0.1.1)
    rubocop-performance (1.19.1)
      rubocop (>= 1.7.0, < 2.0)
      rubocop-ast (>= 0.4.0)
    rubocop-rails (2.15.2)
      activesupport (>= 4.2.0)
      rack (>= 1.1)
      rubocop (>= 1.7.0, < 2.0)
    ruby-openai (6.2.0)
      event_stream_parser (>= 0.3.0, < 1.0.0)
      faraday (>= 1)
      faraday-multipart (>= 1)
    ruby-progressbar (1.11.0)
    ruby-rc4 (0.1.5)
    ruby2_keywords (0.0.5)
    rubyntlm (0.6.5)
      base64
    rubyzip (1.3.0)
    safe_shell (1.1.0)
    safely_block (0.4.0)
    sanitize (6.1.0)
      crass (~> 1.0.2)
      nokogiri (>= 1.12.0)
    sass (3.7.4)
      sass-listen (~> 4.0.0)
    sass-listen (4.0.0)
      rb-fsevent (~> 0.9, >= 0.9.4)
      rb-inotify (~> 0.9, >= 0.9.7)
    sass-rails (6.0.0)
      sassc-rails (~> 2.1, >= 2.1.1)
    sassc (2.4.0)
      ffi (~> 1.9)
    sassc-rails (2.1.2)
      railties (>= 4.0.0)
      sassc (>= 2.0)
      sprockets (> 3.0)
      sprockets-rails
      tilt
    searchjoy (0.5.1)
      activerecord (>= 5)
      chartkick (>= 3.2)
      groupdate (>= 3)
    searchkick (5.3.1)
      activemodel (>= 6.1)
      hashie
    selenium-webdriver (3.142.7)
      childprocess (>= 0.5, < 4.0)
      rubyzip (>= 1.2.2)
    sidekiq (7.2.0)
      concurrent-ruby (< 2)
      connection_pool (>= 2.3.0)
      rack (>= 2.2.4)
      redis-client (>= 0.14.0)
    sidekiq-cron (1.12.0)
      fugit (~> 1.8)
      globalid (>= 1.0.1)
      sidekiq (>= 6)
    sidekiq-status (2.1.0)
      chronic_duration
      sidekiq (>= 5.0)
    signet (0.14.1)
      addressable (~> 2.3)
      faraday (>= 0.17.3, < 2.0)
      jwt (>= 1.5, < 3.0)
      multi_json (~> 1.10)
    simple_stats (1.1.0)
    sitemap_generator (6.3.0)
      builder (~> 3.0)
    sixarm_ruby_unaccent (1.2.0)
    solargraph (0.48.0)
      backport (~> 1.2)
      benchmark
      bundler (>= 1.17.2)
      diff-lcs (~> 1.4)
      e2mmap
      jaro_winkler (~> 1.5)
      kramdown (~> 2.3)
      kramdown-parser-gfm (~> 1.1)
      parser (~> 3.0)
      reverse_markdown (>= 1.0.5, < 3)
      rubocop (>= 0.52)
      thor (~> 1.0)
      tilt (~> 2.0)
      yard (~> 0.9, >= 0.9.24)
    spring (4.0.0)
    sprockets (4.2.1)
      concurrent-ruby (~> 1.0)
      rack (>= 2.2.4, < 4)
    sprockets-rails (3.4.2)
      actionpack (>= 5.2)
      activesupport (>= 5.2)
      sprockets (>= 3.0.0)
    string-similarity (2.1.0)
    stringio (3.1.0)
    stripe (5.26.0)
    terrapin (0.6.0)
      climate_control (>= 0.0.3, < 1.0)
    terser (1.1.14)
      execjs (>= 0.3.0, < 3)
    thor (1.3.0)
    tilt (2.0.10)
    timeout (0.4.1)
    trailblazer-option (0.1.2)
    ttfunk (1.7.0)
    turbo-rails (1.5.0)
      actionpack (>= 6.0.0)
      activejob (>= 6.0.0)
      railties (>= 6.0.0)
    twilio-ruby (6.0.2)
      faraday (>= 0.9, < 3.0)
      jwt (>= 1.5, < 3.0)
      nokogiri (>= 1.6, < 2.0)
    typhoeus (1.4.0)
      ethon (>= 0.9.0)
    tzinfo (2.0.6)
      concurrent-ruby (~> 1.0)
    uber (0.1.0)
    unf (0.1.4)
      unf_ext
    unf_ext (0.0.8)
    unicode-display_width (2.1.0)
    unicode_utils (1.4.0)
    valid_email2 (5.1.1)
      activemodel (>= 3.2)
      mail (~> 2.5)
    validates_zipcode (0.5.0)
      activemodel (>= 4.2.0)
    vcardigan (0.0.9)
    warden (1.2.9)
      rack (>= 2.0.9)
    web-console (4.2.0)
      actionview (>= 6.0.0)
      activemodel (>= 6.0.0)
      bindex (>= 0.4.0)
      railties (>= 6.0.0)
    web-push (3.0.0)
      hkdf (~> 1.0)
      jwt (~> 2.0)
      openssl (~> 3.0)
    webdrivers (3.9.4)
      nokogiri (~> 1.6)
      rubyzip (~> 1.0)
      selenium-webdriver (~> 3.0)
    webpurify (1.0.2)
      json
    webrick (1.8.1)
    webrobots (0.1.2)
    websocket-driver (0.7.5)
      websocket-extensions (>= 0.1.0)
    websocket-extensions (0.1.5)
    whenever (1.0.0)
      chronic (>= 0.6.3)
    wicked_pdf (2.7.0)
      activesupport
    will_paginate (3.3.1)
    xpath (3.2.0)
      nokogiri (~> 1.8)
    yard (0.9.34)
    zeitwerk (2.6.12)
    zip-codes (0.2.1)
    ziptz (3.0.8)

PLATFORMS
  aarch64-linux
  arm64-darwin-21
  ruby
  x86_64-darwin-20
  x86_64-linux

DEPENDENCIES
  actionmailer (= 7.1.3)
  actionpack (= 7.1.3)
  actionpack-action_caching
  actionview (= 7.1.3)
  active_record_extended
  active_record_query_trace
  activejob (= 7.1.3)
  activejob-uniqueness (= 0.3.1)
  activemodel (= 7.1.3)
  activerecord (= 7.1.3)
  activerecord-postgis-adapter (= 9.0.1)
  activesupport (= 7.1.3)
  acts_as_list
  ahoy_email!
  ahoy_matey (= 3.3.0)
  airbrake (= 13.0.4)
  ancestry
  autoprefixer-rails (= 9.1.0)
  awesome_print
  aws-sdk-s3 (~> 1)
  aws-sdk-ses
  aws-sdk-sesv2
  better_errors
  binding_of_caller (= 1.0.0)
  bootsnap (= 1.10.1)
  bootstrap-sass (~> 3.3.7)
  browser
  byebug
  capybara (~> 2.13)
  chartkick
  chroma
  chronic
  clicksend_client
  cliver
  coffee-rails (= 5.0.0)
  combine_pdf
  congress_forms
  data-confirm-modal
  device_detector (= 1.0.5)
  dotenv-rails
  elasticsearch (= 7.16.1)
  elasticsearch-api (= 7.16.1)
  elasticsearch-transport
  ethon (= 0.14.0)
  execjs
  facebookbusiness (= 0.12.0.1)
  faker
  faraday (~> 1.8)
  faraday-multipart (~> 1.0.4)
  ferrum (= 0.14)
  geocoder (~> 1.6.4)
  google-api-client (~> 0.49.0)
  google-cloud-translate
  google-protobuf (= 3.25.2)
  googleapis-common-protos-types (= 1.0.1)
  googleauth (= 0.15.0)
  groupdate (= 6.0.1)
  haikunator
  hexapdf
  hiredis
  http_accept_language
  httparty (= 0.21.0)
  humanize
  i18n_data
  icalendar
  ice_cube (= 0.16.4)
  iso-639
  jbuilder (~> 2.7)
  jmespath (= 1.6.2)
  jsbundling-rails
  json (= 2.6.3)
  kramdown-parser-gfm
  kt-paperclip (>= 6.4.1)
  legitbot
  libv8-node (= 18.16.0.0)
  liquid
  listen
  local_time
  mail!
  mailcheck
  mailkick!
  maxminddb
  mechanize
  mimemagic (= 0.3.8)
  mini_magick
  mini_racer (= 0.8.0)
  mobility (= 1.2.9)
  mocha
  monetize
  my_zipcode_gem
  nested-hstore
  net-http-persistent (= 4.0.2)
  newrelic_rpm
  nio4r (= 2.5.4)
  nokogiri (= 1.16.0.rc1)
  oj
  onebox (~> 1.8.19)
  openssl (= 3.1.0)
  origami!
  paper_trail
  pdf-forms
  pg (= 1.5.4)
  pg_query (>= 0.9.0)
  pghero
  phonelib (= 0.8.5)
  pkg-config
  prawn (= 2.4.0)
  profanity-filter
  pry-rails
  public_suffix
  puma (= 6.4.2)
  rack (= 3.0.8)
  rack-attack (= 6.7.0)
  rails (= 7.1.3)
  railties (= 7.1.3)
  rb-readline
  recaptcha
  redis
  rgeo!
  rgeo-activerecord
  rgeo-geojson
  rpush!
  rqrcode
  rspec-rails
  rswag
  rswag-api
  rswag-specs
  rswag-ui
  rubocop
  rubocop-performance
  rubocop-rails
  ruby-openai
  sanitize (= 6.1.0)
  sass-rails (>= 6)
  searchjoy
  searchkick
  sidekiq (= 7.2.0)
  sidekiq-cron (= 1.12.0)
  sidekiq-status
  signet (~> 0.14.0)
  simple_stats
  simple_token_authentication!
  sitemap_generator
  solargraph
  spring
  sprockets (= 4.2.1)
  string-similarity
  stripe (= 5.26.0)
  terser
  thor (= 1.3.0)
  timeout (= 0.4.1)
  ttfunk (= 1.7.0)
  turbo-rails
  twilio-ruby (= 6.0.2)
  two_factor_authentication!
  tzinfo-data
  valid_email2 (= 5.1.1)
  validates_zipcode
  vcardigan
  web-console
  web-push (= 3.0.0)
  whenever
  where_exists!
  wicked_pdf
  will_paginate
  zip-codes
  ziptz
  zoom_rb!

RUBY VERSION
   ruby 3.3.0p-1

BUNDLED WITH
   2.3.7
